GEM
  remote: https://rubygems.org/
  specs:
    daemons (1.2.3)
    dotenv (1.0.2)
    eventmachine (1.2.0.1)
    foreman (0.76.0)
      dotenv (~> 1.0.2)
      thor (~> 0.19.1)
    httparty (0.13.3)
      json (~> 1.8)
      multi_xml (>= 0.5.2)
    json (1.8.3)
    multi_xml (0.5.5)
    rack (1.6.4)
    rack-protection (1.5.3)
      rack
    sinatra (1.4.7)
      rack (~> 1.5)
      rack-protection (~> 1.4)
      tilt (>= 1.3, < 3)
    thin (1.6.4)
      daemons (~> 1.0, >= 1.0.9)
      eventmachine (~> 1.0, >= 1.0.4)
      rack (~> 1.0)
    thor (0.19.1)
    tilt (2.0.3)

PLATFORMS
  ruby

DEPENDENCIES
  foreman
  httparty
  sinatra
  thin

BUNDLED WITH
   1.11.2
